GEM
  remote: https://rubygems.org/
  specs:
    minitest (5.11.3)
    power_assert (1.1.4)
    rack (2.0.7)
    sequel (5.21.0)
    slim (4.0.1)
      temple (>= 0.7.6, < 0.9)
      tilt (>= 2.0.6, < 2.1)
    sqlite3 (1.4.1)
    temple (0.8.1)
    test-unit (3.3.3)
      power_assert
    tilt (2.0.9)

PLATFORMS
  ruby

DEPENDENCIES
  minitest
  rack
  sequel
  slim
  sqlite3
  test-unit

BUNDLED WITH
   1.17.3
