GEM
  remote: https://rubygems.org/
  specs:
    minitest (5.11.3)
    rack (2.0.8)
    rack-test (1.1.0)
      rack (>= 1.0, < 3)
    sequel (5.21.0)
    sqlite3 (1.4.1)

PLATFORMS
  ruby

DEPENDENCIES
  minitest
  rack
  rack-test
  sequel
  sqlite3

BUNDLED WITH
   1.17.3
